GEM
  remote: https://rubygems.org/
  specs:
    io-console (0.5.7)
    irb (1.3.5)
      reline (>= 0.1.5)
    reline (0.2.5)
      io-console (~> 0.5)

PLATFORMS
  x86_64-linux

DEPENDENCIES
  irb

BUNDLED WITH
   2.2.32
